GEM
  remote: http://rubygems.org/
  specs:
    aws-sdk (1.6.9)
      httparty (~> 0.7)
      json (~> 1.4)
      nokogiri (>= 1.4.4)
      uuidtools (~> 2.1)
    coffee-script (2.2.0)
      coffee-script-source
      execjs
    coffee-script-source (1.3.3)
    dependence (0.0.99)
      coffee-script
      rb-inotify
      rgl
      therubyracer
    execjs (1.4.0)
      multi_json (~> 1.0)
    extensions (0.6.0)
    ffi (1.1.5)
    highline (1.5.2)
    httparty (0.9.0)
      multi_json (~> 1.0)
      multi_xml
    json (1.7.5)
    libv8 (3.3.10.4)
    multi_json (1.3.6)
    multi_xml (0.5.1)
    nokogiri (1.5.5)
    progressbar (0.10.0)
    rake (0.9.2.2)
    rb-inotify (0.8.8)
      ffi (>= 0.5.0)
    rgl (0.4.0)
      rake
      stream (>= 0.5)
    s3cp (1.1.6)
      aws-sdk (~> 1.6.3)
      extensions (~> 0.6)
      highline (~> 1.5.1)
      progressbar (~> 0.10.0)
    stream (0.5)
    therubyracer (0.10.2)
      libv8 (~> 3.3.10)
    uuidtools (2.1.3)

PLATFORMS
  ruby

DEPENDENCIES
  dependence (>= 0.0.9)
  s3cp (>= 0.1.3)
