GEM
  remote: http://rubygems.org/
  specs:
    coffee-script (2.2.0)
      coffee-script-source
      execjs
    coffee-script-source (1.1.2)
    dependence (0.0.99)
      coffee-script
      rb-inotify
      rgl
      therubyracer
    execjs (1.2.9)
      multi_json (~> 1.0)
    extensions (0.6.0)
    ffi (1.0.10)
    highline (1.5.2)
    libv8 (3.3.10.2)
    multi_json (1.0.3)
    rake (0.9.2.2)
    rb-inotify (0.8.8)
      ffi (>= 0.5.0)
    rgl (0.4.0)
      rake
      stream (>= 0.5)
    right_aws (2.1.0)
      right_http_connection (>= 1.2.5)
    right_http_connection (1.3.0)
    s3cp (0.1.5)
      extensions (~> 0.6)
      highline (~> 1.5.1)
      right_aws (~> 2.1.0)
      right_http_connection (~> 1.3.0)
    stream (0.5)
    therubyracer (0.9.8)
      libv8 (~> 3.3.10)

PLATFORMS
  ruby

DEPENDENCIES
  dependence (>= 0.0.9)
  s3cp (>= 0.1.3)
